GEM
  remote: https://rubygems.org/
  specs:
    google-search (1.0.3)
      json
    json (1.8.3)

PLATFORMS
  ruby

DEPENDENCIES
  bundler
  google-search

BUNDLED WITH
   1.10.6
