GEM
  remote: https://rubygems.org/
  specs:
    json (1.8.3)

PLATFORMS
  ruby

DEPENDENCIES
  bundler
  json

BUNDLED WITH
   1.10.6
